PATH
  remote: .
  specs:
    text_transform (1.0.0)
      helix_runtime (~> 0.7.5)

GEM
  remote: https://rubygems.org/
  specs:
    diff-lcs (1.5.0)
    helix_runtime (0.7.5)
      rake (>= 10.0)
      thor (>= 0.19.4, < 2.0)
      tomlrb (~> 1.2.4)
    rake (13.0.6)
    rspec (3.11.0)
      rspec-core (~> 3.11.0)
      rspec-expectations (~> 3.11.0)
      rspec-mocks (~> 3.11.0)
    rspec-core (3.11.0)
      rspec-support (~> 3.11.0)
    rspec-expectations (3.11.0)
      diff-lcs (>= 1.2.0, < 2.0)
      rspec-support (~> 3.11.0)
    rspec-mocks (3.11.0)
      diff-lcs (>= 1.2.0, < 2.0)
      rspec-support (~> 3.11.0)
    rspec-support (3.11.0)
    thor (1.2.1)
    tomlrb (1.2.9)

PLATFORMS
  ruby

DEPENDENCIES
  rspec (~> 3.6)
  text_transform!

BUNDLED WITH
   2.1.4
